PATH
  remote: .
  specs:
    ib_ruby_proxy (0.0.3)
      awesome_print
      commander
      concurrent-ruby

GEM
  remote: https://rubygems.org/
  specs:
    ast (2.4.0)
    awesome_print (1.8.0)
    commander (4.5.0)
      highline (~> 2.0.0)
    concurrent-ruby (1.1.6)
    diff-lcs (1.3)
    highline (2.0.3)
    impersonator (0.1.3)
      zeitwerk (~> 2.1.6)
    jaro_winkler (1.5.4)
    jaro_winkler (1.5.4-java)
    parallel (1.19.1)
    parser (2.7.0.4)
      ast (~> 2.4.0)
    rainbow (3.0.0)
    rake (13.0.1)
    rexml (3.2.4)
    rspec (3.8.0)
      rspec-core (~> 3.8.0)
      rspec-expectations (~> 3.8.0)
      rspec-mocks (~> 3.8.0)
    rspec-core (3.8.2)
      rspec-support (~> 3.8.0)
    rspec-expectations (3.8.6)
      diff-lcs (>= 1.2.0, < 2.0)
      rspec-support (~> 3.8.0)
    rspec-mocks (3.8.2)
      diff-lcs (>= 1.2.0, < 2.0)
      rspec-support (~> 3.8.0)
    rspec-support (3.8.3)
    rspec_junit_formatter (0.4.1)
      rspec-core (>= 2, < 4, != 2.12.0)
    rubocop (0.80.1)
      jaro_winkler (~> 1.5.1)
      parallel (~> 1.10)
      parser (>= 2.7.0.1)
      rainbow (>= 2.2.2, < 4.0)
      rexml
      ruby-progressbar (~> 1.7)
      unicode-display_width (>= 1.4.0, < 1.7)
    rubocop-rspec (1.38.1)
      rubocop (>= 0.68.1)
    ruby-progressbar (1.10.1)
    rufo (0.11.0)
    unicode-display_width (1.6.1)
    zeitwerk (2.1.10)

PLATFORMS
  java
  ruby

DEPENDENCIES
  bundler
  ib_ruby_proxy!
  impersonator
  rake (~> 13.0)
  rspec (~> 3.8.0)
  rspec_junit_formatter
  rubocop
  rubocop-rspec
  rufo

RUBY VERSION
   ruby 2.5.7p0 (jruby 9.2.10.0)

BUNDLED WITH
   2.1.4
