PATH
  remote: .
  specs:
    ib_ruby_proxy (0.1.0)
      awesome_print
      concurrent-ruby

GEM
  remote: https://rubygems.org/
  specs:
    awesome_print (1.8.0)
    commander (4.4.7)
      highline (~> 2.0.0)
    concurrent-ruby (1.1.5)
    diff-lcs (1.3)
    highline (2.0.2)
    rake (10.5.0)
    rspec (3.8.0)
      rspec-core (~> 3.8.0)
      rspec-expectations (~> 3.8.0)
      rspec-mocks (~> 3.8.0)
    rspec-core (3.8.0)
      rspec-support (~> 3.8.0)
    rspec-expectations (3.8.2)
      diff-lcs (>= 1.2.0, < 2.0)
      rspec-support (~> 3.8.0)
    rspec-mocks (3.8.0)
      diff-lcs (>= 1.2.0, < 2.0)
      rspec-support (~> 3.8.0)
    rspec-support (3.8.0)
    rufo (0.4.2)

PLATFORMS
  java

DEPENDENCIES
  bundler (~> 2.0.1)
  commander
  ib_ruby_proxy!
  rake (~> 10.0)
  rspec (~> 3.8.0)
  rufo
