PATH
  remote: .
  specs:
    ib_ruby_proxy (0.1.0)
      awesome_print
      commander
      concurrent-ruby

GEM
  remote: https://rubygems.org/
  specs:
    ast (2.4.0)
    awesome_print (1.8.0)
    commander (4.4.7)
      highline (~> 2.0.0)
    concurrent-ruby (1.1.5)
    diff-lcs (1.3)
    highline (2.0.2)
    jaro_winkler (1.5.3-java)
    parallel (1.17.0)
    parser (2.6.3.0)
      ast (~> 2.4.0)
    rainbow (3.0.0)
    rake (10.5.0)
    rspec (3.8.0)
      rspec-core (~> 3.8.0)
      rspec-expectations (~> 3.8.0)
      rspec-mocks (~> 3.8.0)
    rspec-core (3.8.0)
      rspec-support (~> 3.8.0)
    rspec-expectations (3.8.2)
      diff-lcs (>= 1.2.0, < 2.0)
      rspec-support (~> 3.8.0)
    rspec-mocks (3.8.0)
      diff-lcs (>= 1.2.0, < 2.0)
      rspec-support (~> 3.8.0)
    rspec-support (3.8.0)
    rubocop (0.72.0)
      jaro_winkler (~> 1.5.1)
      parallel (~> 1.10)
      parser (>= 2.6)
      rainbow (>= 2.2.2, < 4.0)
      ruby-progressbar (~> 1.7)
      unicode-display_width (>= 1.4.0, < 1.7)
    ruby-progressbar (1.10.1)
    rufo (0.4.2)
    unicode-display_width (1.6.0)

PLATFORMS
  java

DEPENDENCIES
  bundler (~> 2.0.1)
  ib_ruby_proxy!
  rake (~> 10.0)
  rspec (~> 3.8.0)
  rubocop
  rufo

BUNDLED WITH
   2.0.2
