PATH
  remote: .
  specs:
    ib_ruby_proxy (0.1.0)

GEM
  remote: https://rubygems.org/
  specs:
    minitest (5.11.3)
    rake (10.5.0)

PLATFORMS
  java

DEPENDENCIES
  bundler (~> 2.0.1)
  ib_ruby_proxy!
  minitest (~> 5.0)
  rake (~> 10.0)

BUNDLED WITH
   2.0.1
